PATH
  remote: .
  specs:
    passenger_api (0.1.0)
      passenger (>= 5.0.10)

GEM
  remote: https://rubygems.org/
  specs:
    appraisal (2.2.0)
      bundler
      rake
      thor (>= 0.14.0)
    ast (2.4.0)
    docile (1.3.1)
    json (2.1.0)
    minitest (5.11.3)
    parallel (1.12.1)
    parser (2.5.1.0)
      ast (~> 2.4.0)
    passenger (5.3.1)
      rack
      rake (>= 0.8.1)
    powerpack (0.1.1)
    rack (2.0.5)
    rack-test (1.0.0)
      rack (>= 1.0, < 3)
    rainbow (2.2.2)
      rake
    rake (10.5.0)
    rubocop (0.49.1)
      parallel (~> 1.10)
      parser (>= 2.3.3.1, < 3.0)
      powerpack (~> 0.1)
      rainbow (>= 1.99.1, < 3.0)
      ruby-progressbar (~> 1.7)
      unicode-display_width (~> 1.0, >= 1.0.1)
    ruby-progressbar (1.9.0)
    simplecov (0.16.1)
      docile (~> 1.1)
      json (>= 1.8, < 3)
      simplecov-html (~> 0.10.0)
    simplecov-html (0.10.2)
    thor (0.20.0)
    unicode-display_width (1.3.3)

PLATFORMS
  ruby

DEPENDENCIES
  appraisal
  bundler (~> 1.16)
  minitest (~> 5.0)
  passenger_api!
  rack-test
  rake (~> 10.0)
  rubocop (= 0.49.1)
  simplecov

BUNDLED WITH
   1.16.2
